GEM
  remote: https://rubygems.org/
  specs:
    bcrypt (3.1.11)
    ffi (1.9.14)
    ffi-compiler (1.0.1)
      ffi (>= 1.0.0)
      rake
    highline (1.7.8)
    rake (11.2.2)
    scrypt (3.0.3)
      ffi-compiler (>= 1.0.0)
      rake
    smbhash (1.0.2)

PLATFORMS
  ruby

DEPENDENCIES
  bcrypt
  highline
  scrypt
  smbhash

BUNDLED WITH
   1.12.5
